GEM
  remote: https://rubygems.org/
  specs:
    json (2.1.0)

PLATFORMS
  ruby

DEPENDENCIES
  json (~> 2.1)

BUNDLED WITH
   1.15.1
