PATH
  remote: .
  specs:
    upstream (1.1.1)
      json (~> 2.1)

GEM
  remote: https://rubygems.org/
  specs:
    json (2.1.0)

PLATFORMS
  ruby

DEPENDENCIES
  upstream!

BUNDLED WITH
   1.15.1
